GEM
  remote: http://rubygems.org/
  specs:
    POpen4 (0.1.4)
      Platform (>= 0.4.0)
      open4
    Platform (0.4.0)
    activesupport (3.0.7)
    chunky_png (1.2.0)
    closure-compiler (1.1.1)
    coffee-script (2.1.3)
      coffee-script-source
    coffee-script-source (1.1.0)
    compass (0.11.1)
      chunky_png (~> 1.1)
      fssm (>= 0.2.7)
      sass (~> 3.1)
    crack (0.1.8)
    daemons (1.1.3)
    eventmachine (0.12.10)
    execjs (0.3.4)
      multi_json (~> 1.0)
    fssm (0.2.7)
    haml (3.1.1)
    http_router (0.7.9)
      rack (>= 1.0.0)
      url_mount (~> 0.2.1)
    httparty (0.7.7)
      crack (= 0.1.8)
    httpclient (2.2.0.2)
    i18n (0.5.0)
    jammit (0.6.0)
      closure-compiler (>= 0.1.0)
      yui-compressor (>= 0.9.1)
    json (1.5.1)
    middleman (1.2.4)
      coffee-script (~> 2.1.0)
      compass (~> 0.11.1)
      haml (~> 3.1.0)
      httparty (~> 0.7.0)
      padrino-core (~> 0.9.23)
      padrino-helpers (~> 0.9.23)
      rack (~> 1.0)
      rack-test (~> 0.5.0)
      sass (~> 3.1.0)
      shotgun (~> 0.8.0)
      sinatra (~> 1.2.0)
      therubyracer (~> 0.8.0)
      thin (~> 1.2.0)
      thor (~> 0.14.0)
      tilt (~> 1.3.0)
      uglifier (~> 0.5.0)
    middleman-jammit (0.0.1)
      jammit (~> 0.6)
      middleman (~> 1.2.0)
    middleman-smusher (0.0.3)
      middleman (~> 1.2.0)
      smusher (~> 0.4.6)
    multi_json (1.0.2)
    open4 (1.0.1)
    padrino-core (0.9.28)
      activesupport (>= 3.0.0)
      http_router (~> 0.7.5)
      sinatra (~> 1.2.6)
      thor (>= 0.14.3)
      tilt (~> 1.3.0)
      tzinfo
    padrino-helpers (0.9.28)
      i18n (>= 0.4.1)
      padrino-core (= 0.9.28)
    rack (1.2.2)
    rack-reverse-proxy (0.4.1)
      rack (>= 1.0.0)
    rack-test (0.5.7)
      rack (>= 1.0)
    rake (0.8.7)
    ruby-growl (3.0)
    sass (3.1.1)
    shotgun (0.8)
      rack (>= 1.0)
    sinatra (1.2.6)
      rack (~> 1.1)
      tilt (< 2.0, >= 1.2.2)
    smusher (0.4.8)
      httpclient (>= 2.2)
      json
      rake
    therubyracer (0.8.1)
    thin (1.2.11)
      daemons (>= 1.0.9)
      eventmachine (>= 0.12.6)
      rack (>= 1.0.0)
    thor (0.14.6)
    tilt (1.3)
    tzinfo (0.3.27)
    uglifier (0.5.3)
      execjs (>= 0.3.0)
      multi_json (>= 1.0.2)
    url_mount (0.2.1)
      rack
    watchr (0.7)
    yui-compressor (0.9.6)
      POpen4 (>= 0.1.4)

PLATFORMS
  ruby

DEPENDENCIES
  middleman
  middleman-jammit
  middleman-smusher
  rack-reverse-proxy
  ruby-growl
  watchr
